GEM
  remote: https://rubygems.org/
  specs:
    rainbow (2.0.0)
    sass (3.3.1)
    scss-lint (0.21.0)
      rainbow (~> 2.0)
      sass (~> 3.3.0)

PLATFORMS
  ruby

DEPENDENCIES
  sass (~> 3.3.0.rc.1)
  scss-lint (~> 0.21.0)
